GEM
  remote: https://rubygems.org/
  specs:
    minitest (5.10.1)
    rake (12.0.0)

PLATFORMS
  ruby

DEPENDENCIES
  bundler
  minitest
  rake

RUBY VERSION
   ruby 2.4.0p0

BUNDLED WITH
   1.14.6
